GIT
  remote: https://github.com/sinatra/sinatra.git
  revision: ac5404dbd897a4b3c5b3921d2f89fecd3b540ed3
  specs:
    rack-protection (2.1.0)
      rack
    sinatra (2.1.0)
      mustermann (~> 1.0)
      rack (~> 2.2)
      rack-protection (= 2.1.0)
      tilt (~> 2.0)

GEM
  remote: https://rubygems.org/
  specs:
    mustermann (1.1.1)
      ruby2_keywords (~> 0.0.1)
    nio4r (2.5.7)
    puma (5.2.2)
      nio4r (~> 2.0)
    rack (2.2.3)
    ruby2_keywords (0.0.4)
    tilt (2.0.10)

PLATFORMS
  x86_64-linux

DEPENDENCIES
  puma
  sinatra!

BUNDLED WITH
   2.2.16
